GEM
  remote: https://rubygems.org/
  specs:
    byebug (11.1.1)
    handlebars (0.8.0)
      handlebars-source (~> 4.0.5)
      therubyracer (~> 0.12.1)
    handlebars-source (4.0.14)
    libv8 (3.16.14.19)
    mini_portile2 (2.4.0)
    nokogiri (1.10.9)
      mini_portile2 (~> 2.4.0)
    ref (2.0.0)
    rubyzip (2.3.0)
    therubyracer (0.12.3)
      libv8 (~> 3.16.14.15)
      ref

PLATFORMS
  ruby

DEPENDENCIES
  byebug
  handlebars
  nokogiri
  rubyzip

RUBY VERSION
   ruby 2.5.5p157

BUNDLED WITH
   1.17.3
