GEM
  remote: https://rubygems.org/
  specs:
    handlebars (0.8.0)
      handlebars-source (~> 4.0.5)
      therubyracer (~> 0.12.1)
    handlebars-source (4.0.14)
    libv8 (3.16.14.19)
    mini_portile2 (2.6.1)
    nokogiri (1.12.5)
      mini_portile2 (~> 2.6.1)
      racc (~> 1.4)
    odt_handlebars (0.1.0)
      handlebars (~> 0.8)
      nokogiri (~> 1.10)
      rubyzip (~> 2.3)
    racc (1.5.2)
    ref (2.0.0)
    rubyzip (2.3.0)
    therubyracer (0.12.3)
      libv8 (~> 3.16.14.15)
      ref

PLATFORMS
  ruby

DEPENDENCIES
  odt_handlebars

RUBY VERSION
   ruby 2.5.5p157

BUNDLED WITH
   1.17.3
